PATH
  remote: .
  specs:
    gglog (0.0.1)
      bundler (>= 1.2)
      rainbow
      rroonga (>= 2.0.6)
      thor (>= 0.16.0)

GEM
  remote: http://rubygems.org/
  specs:
    archive-zip (0.5.0)
      io-like (>= 0.3.0)
    diff-lcs (1.1.3)
    io-like (0.3.0)
    json (1.7.5)
    pkg-config (1.1.4)
    rainbow (1.1.4)
    rake (0.9.2.2)
    rroonga (2.0.6)
      archive-zip
      json
      pkg-config
    rspec (2.11.0)
      rspec-core (~> 2.11.0)
      rspec-expectations (~> 2.11.0)
      rspec-mocks (~> 2.11.0)
    rspec-core (2.11.1)
    rspec-expectations (2.11.3)
      diff-lcs (~> 1.1.3)
    rspec-mocks (2.11.3)
    thor (0.16.0)

PLATFORMS
  ruby

DEPENDENCIES
  gglog!
  rake
  rspec
