PATH
  remote: .
  specs:
    gglog (0.0.2)
      bundler (>= 1.2)
      pager
      rainbow
      rroonga (>= 2.0.6)
      rugged (>= 0.16.0)
      thor (>= 0.16.0)

GEM
  remote: http://rubygems.org/
  specs:
    archive-zip (0.5.0)
      io-like (>= 0.3.0)
    aruba (0.5.0)
      childprocess (= 0.2.3)
      cucumber (>= 1.1.1)
      ffi (>= 1.0.11)
      rspec-expectations (>= 2.7.0)
    builder (3.0.4)
    childprocess (0.2.3)
      ffi (~> 1.0.6)
    cucumber (1.2.1)
      builder (>= 2.1.2)
      diff-lcs (>= 1.1.3)
      gherkin (~> 2.11.0)
      json (>= 1.4.6)
    diff-lcs (1.1.3)
    ffi (1.0.11)
    gherkin (2.11.1)
      json (>= 1.4.6)
    io-like (0.3.0)
    json (1.7.5)
    pager (1.0.1)
    pkg-config (1.1.4)
    rainbow (1.1.4)
    rake (0.9.2.2)
    rroonga (2.0.6)
      archive-zip
      json
      pkg-config
    rspec (2.11.0)
      rspec-core (~> 2.11.0)
      rspec-expectations (~> 2.11.0)
      rspec-mocks (~> 2.11.0)
    rspec-core (2.11.1)
    rspec-expectations (2.11.3)
      diff-lcs (~> 1.1.3)
    rspec-mocks (2.11.3)
    rugged (0.16.0)
    thor (0.16.0)

PLATFORMS
  ruby

DEPENDENCIES
  aruba
  cucumber
  gglog!
  rake
  rspec
